GEM
  remote: https://rubygems.org/
  specs:
    ast (2.4.2)
    debase (0.2.5.beta2)
      debase-ruby_core_source (>= 0.10.12)
    debase-ruby_core_source (0.10.14)
    parallel (1.21.0)
    parser (3.1.1.0)
      ast (~> 2.4.1)
    rainbow (3.1.1)
    rake (13.0.6)
    regexp_parser (2.2.1)
    rexml (3.2.5)
    rubocop (1.25.1)
      parallel (~> 1.10)
      parser (>= 3.1.0.0)
      rainbow (>= 2.2.2, < 4.0)
      regexp_parser (>= 1.8, < 3.0)
      rexml
      rubocop-ast (>= 1.15.1, < 2.0)
      ruby-progressbar (~> 1.7)
      unicode-display_width (>= 1.4.0, < 3.0)
    rubocop-ast (1.16.0)
      parser (>= 3.1.1.0)
    ruby-debug-ide (0.7.3)
      rake (>= 0.8.1)
    ruby-progressbar (1.11.0)
    sqlite3 (1.4.2)
    unicode-display_width (2.1.0)

PLATFORMS
  x64-mingw-ucrt
  x64-mingw32

DEPENDENCIES
  debase (~> 0.2.5.beta2)
  rubocop
  ruby-debug-ide
  sqlite3

BUNDLED WITH
   2.3.7
